GEM
  remote: https://rubygems.org/
  specs:
    geocoder (1.3.7)

PLATFORMS
  ruby

DEPENDENCIES
  geocoder (~> 1.3)
